GEM
  remote: http://rubygems.org/
  specs:
    backports (3.15.0)
    contest (0.1.3)
    daemons (1.3.1)
    eventmachine (1.2.7)
    haml (5.1.2)
      temple (>= 0.8.0)
      tilt
    httparty (0.17.3)
      mime-types (~> 3.0)
      multi_xml (>= 0.5.2)
    json (2.3.0)
    json_pure (2.2.0)
    mime-types (3.3.1)
      mime-types-data (~> 3.2015)
    mime-types-data (3.2019.1009)
    multi_json (1.14.1)
    multi_xml (0.6.0)
    mustermann (1.1.1)
      ruby2_keywords (~> 0.0.1)
    rack (2.1.1)
    rack-protection (2.0.8.1)
      rack
    rake (13.0.1)
    redgreen (1.2.2)
    ruby2_keywords (0.0.2)
    rubyforge (2.0.4)
      json_pure (>= 1.1.7)
    sinatra (2.0.8.1)
      mustermann (~> 1.0)
      rack (~> 2.0)
      rack-protection (= 2.0.8.1)
      tilt (~> 2.0)
    sinatra-content-for (0.1)
      contest
      redgreen
      sinatra
      sr-mg
    sinatra-contrib (2.0.8.1)
      backports (>= 2.8.2)
      multi_json
      mustermann (~> 1.0)
      rack-protection (= 2.0.8.1)
      sinatra (= 2.0.8.1)
      tilt (~> 2.0)
    sinatra-reloader (1.0)
      sinatra-contrib
    sr-mg (0.0.5)
      rake
      rubyforge
    temple (0.8.2)
    thin (1.7.2)
      daemons (~> 1.0, >= 1.0.9)
      eventmachine (~> 1.0, >= 1.0.4)
      rack (>= 1, < 3)
    tilt (2.0.10)

PLATFORMS
  ruby

DEPENDENCIES
  haml (>= 5.0.0)
  httparty
  json (>= 1.7.7)
  rack (>= 1.6.12)
  sinatra
  sinatra-content-for
  sinatra-reloader
  thin
